GIT
  remote: git://github.com/metabahn/pakyow.git
  revision: 3d0c1395bd52d49e82c4c0c46b826bd93610f474
  specs:
    pakyow (0.7.2)
      pakyow-core (= 0.7.2)
      pakyow-mailer (= 0.7.2)
      pakyow-presenter (= 0.7.2)
    pakyow-core (0.7.2)
      rack (~> 1.3)
    pakyow-mailer (0.7.2)
      mail (~> 2.3)
      pakyow-core (= 0.7.2)
      pakyow-presenter (= 0.7.2)
    pakyow-presenter (0.7.2)
      nokogiri (~> 1.5)
      pakyow-core (= 0.7.2)

GEM
  specs:
    daemons (1.1.9)
    eventmachine (0.12.10)
    i18n (0.6.0)
    mail (2.4.4)
      i18n (>= 0.4.0)
      mime-types (~> 1.16)
      treetop (~> 1.4.8)
    mime-types (1.19)
    nokogiri (1.5.5)
    polyglot (0.3.3)
    rack (1.4.1)
    rdiscount (1.6.8)
    thin (1.4.1)
      daemons (>= 1.0.9)
      eventmachine (>= 0.12.6)
      rack (>= 1.0.0)
    treetop (1.4.10)
      polyglot
      polyglot (>= 0.3.1)

PLATFORMS
  ruby

DEPENDENCIES
  pakyow!
  rdiscount
  thin
